GIT
  remote: git@github.com:mloughran/jbundle.git
  revision: 09bfca3ca8dd81872619eab9da6ad125de6d323f
  specs:
    jbundle (0.1.3)
      closure-compiler
      rack
      thor

GEM
  remote: http://rubygems.org/
  specs:
    closure-compiler (1.1.7)
    multi_json (1.3.6)
    pusher (0.10.0)
      multi_json (~> 1.0)
      signature (~> 0.1.4)
    rack (1.4.1)
    rack-protection (1.2.0)
      rack
    signature (0.1.4)
    sinatra (1.3.3)
      rack (~> 1.3, >= 1.3.6)
      rack-protection (~> 1.2)
      tilt (~> 1.3, >= 1.3.3)
    thor (0.16.0)
    tilt (1.3.3)

PLATFORMS
  ruby

DEPENDENCIES
  jbundle!
  pusher
  sinatra
